GEM
  remote: https://rubygems.org/
  specs:
    connection_pool (2.4.0)
    ffi (1.15.5)
    kramdown (2.4.0)
      rexml
    listen (3.8.0)
      rb-fsevent (~> 0.10, >= 0.10.3)
      rb-inotify (~> 0.9, >= 0.9.10)
    mustermann (3.0.0)
      ruby2_keywords (~> 0.0.1)
    nio4r (2.5.9)
    puma (6.2.2)
      nio4r (~> 2.0)
    rack (2.2.7)
    rack-protection (3.0.6)
      rack
    rb-fsevent (0.11.2)
    rb-inotify (0.10.1)
      ffi (~> 1.0)
    redis (5.0.6)
      redis-client (>= 0.9.0)
    redis-client (0.14.1)
      connection_pool
    rerun (0.14.0)
      listen (~> 3.0)
    rexml (3.2.5)
    ruby2_keywords (0.0.5)
    sinatra (3.0.6)
      mustermann (~> 3.0)
      rack (~> 2.2, >= 2.2.4)
      rack-protection (= 3.0.6)
      tilt (~> 2.0)
    tilt (2.1.0)

PLATFORMS
  aarch64-linux

DEPENDENCIES
  kramdown (~> 2.4)
  puma (~> 6.2)
  redis (~> 5.0)
  rerun (~> 0.14.0)
  sinatra (~> 3.0)

BUNDLED WITH
   2.3.26
